GEM
  remote: http://rubygems.org/
  specs:
    builder (3.2.2)
    diff-lcs (1.2.5)
    excon (0.31.0)
    facter (1.7.5)
    fog (1.20.0)
      builder
      excon (~> 0.31.0)
      formatador (~> 0.2.0)
      mime-types
      multi_json (~> 1.0)
      net-scp (~> 1.1)
      net-ssh (>= 2.1.3)
      nokogiri (>= 1.5.11)
    formatador (0.2.4)
    hiera (1.3.2)
      json_pure
    json_pure (1.8.1)
    kwalify (0.7.2)
    metaclass (0.0.4)
    mime-types (1.25.1)
    mocha (1.0.0)
      metaclass (~> 0.0.1)
    multi_json (1.8.4)
    net-scp (1.1.2)
      net-ssh (>= 2.6.5)
    net-ssh (2.8.0)
    nokogiri (1.5.11)
    puppet (3.2.4)
      facter (~> 1.6)
      hiera (~> 1.0)
      rgen (~> 0.6.5)
    puppet-blacksmith (2.0.2)
      nokogiri
      puppet (>= 2.7.16)
      rest-client
    puppet-lint (0.3.2)
    puppet-syntax (1.1.0)
      puppet (>= 2.7.0)
      rake
    puppetlabs_spec_helper (0.4.1)
      mocha (>= 0.10.5)
      rake
      rspec (>= 2.9.0)
      rspec-puppet (>= 0.1.1)
    rake (10.1.1)
    rbvmomi (1.8.1)
      builder
      nokogiri (>= 1.4.1)
      trollop
    rest-client (1.6.7)
      mime-types (>= 1.16)
    rgen (0.6.6)
    rspec (2.14.1)
      rspec-core (~> 2.14.0)
      rspec-expectations (~> 2.14.0)
      rspec-mocks (~> 2.14.0)
    rspec-core (2.14.8)
    rspec-expectations (2.14.5)
      diff-lcs (>= 1.1.3, < 2.0)
    rspec-mocks (2.14.6)
    rspec-puppet (1.0.1)
      rspec
    rspec-system (2.8.0)
      fog (~> 1.18)
      kwalify (~> 0.7.2)
      mime-types (~> 1.16)
      net-scp (~> 1.1)
      net-ssh (~> 2.7)
      nokogiri (~> 1.5.10)
      rbvmomi (~> 1.6)
      rspec (~> 2.14)
      systemu (~> 2.5)
    rspec-system-puppet (2.2.1)
      rspec-system (~> 2.0)
    systemu (2.6.3)
    trollop (2.0)
    vagrant-wrapper (1.2.1.1)

PLATFORMS
  ruby

DEPENDENCIES
  puppet (~> 3.2.0)
  puppet-blacksmith
  puppet-lint
  puppet-syntax
  puppetlabs_spec_helper
  rake
  rspec-puppet (~> 1.0.0)
  rspec-system-puppet
  vagrant-wrapper
